GEM
  remote: https://rubygems.org/
  specs:
    coderay (1.1.3)
    gosu (1.1.1.1)
    method_source (1.0.0)
    pry (0.14.0)
      coderay (~> 1.1)
      method_source (~> 1.0)
    zeitwerk (2.4.2)

PLATFORMS
  x86_64-linux

DEPENDENCIES
  gosu
  pry
  zeitwerk

BUNDLED WITH
   2.2.2
