GEM
  remote: https://rubygems.org/
  specs:
    gosu (1.1.1.1)
    zeitwerk (2.4.2)

PLATFORMS
  x86_64-linux

DEPENDENCIES
  gosu
  zeitwerk

BUNDLED WITH
   2.2.2
